GEM
  remote: https://rubygems.org/
  specs:
    bigdecimal (3.2.2)
    byebug (11.1.3)
    csv (3.3.5)
    dotenv (3.1.8)
    httparty (0.23.1)
      csv
      mini_mime (>= 1.0.0)
      multi_xml (>= 0.5.2)
    json (2.12.2)
    mini_mime (1.1.5)
    multi_xml (0.7.2)
      bigdecimal (~> 3.1)

PLATFORMS
  ruby
  x86_64-darwin-24

DEPENDENCIES
  byebug
  dotenv
  httparty
  json

BUNDLED WITH
   2.5.22
